GEM
  remote: http://rubygems.org/
  specs:
    activesupport (3.0.0)
    builder (2.1.2)
    daemons (1.1.0)
    diff-lcs (1.1.3)
    eventmachine (0.12.10)
    httpclient (2.2.1)
    json (1.4.6)
    kgio (2.7.0)
    mime-types (1.16)
    proxies (0.2.1)
    rack (1.2.1)
    raindrops (0.8.0)
    rake (0.9.2.2)
    rspec (2.7.0)
      rspec-core (~> 2.7.0)
      rspec-expectations (~> 2.7.0)
      rspec-mocks (~> 2.7.0)
    rspec-core (2.7.1)
    rspec-expectations (2.7.0)
      diff-lcs (~> 1.1.2)
    rspec-mocks (2.7.0)
    s3 (0.3.7)
      proxies
    sinatra (1.0)
      rack (>= 1.0)
    sqs (0.1.2)
    thin (1.2.7)
      daemons (>= 1.0.9)
      eventmachine (>= 0.12.6)
      rack (>= 1.0.0)
    unicorn (4.1.1)
      kgio (~> 2.4)
      rack
      raindrops (~> 0.6)
    xml-simple (1.0.12)

PLATFORMS
  ruby

DEPENDENCIES
  activesupport (~> 3.0.0)
  builder (~> 2.1.2)
  httpclient (~> 2.2.1)
  json (~> 1.4.6)
  mime-types (~> 1.16)
  rake
  rspec (~> 2.7.0)
  s3 (~> 0.3.7)
  sinatra (~> 1.0)
  sqs (~> 0.1.2)
  thin (~> 1.2.7)
  unicorn (~> 4.1.1)
  xml-simple (~> 1.0.12)
